PATH
  remote: .
  specs:
    mktorrent (1.7.0)
      bencode (~> 0.8)
      rake (~> 10.1)

GEM
  remote: https://rubygems.org/
  specs:
    ansi (1.5.0)
    bencode (0.8.2)
    builder (3.2.4)
    coderay (1.1.3)
    method_source (1.0.0)
    minitest (5.16.3)
    minitest-reporters (1.5.0)
      ansi
      builder
      minitest (>= 5.0)
      ruby-progressbar
    pry (0.14.1)
      coderay (~> 1.1)
      method_source (~> 1.0)
    rake (10.5.0)
    ruby-progressbar (1.11.0)
    rubygems-tasks (0.2.4)

PLATFORMS
  ruby
  x86_64-linux-musl

DEPENDENCIES
  minitest (~> 5.0)
  minitest-reporters (~> 1.0)
  mktorrent!
  pry
  rubygems-tasks (= 0.2.4)

BUNDLED WITH
   2.2.2
